GIT
  remote: git@github.com:delonnewman/hash_delegator.git
  revision: 59d82ad11ed357ddd166072208cad75b06a98656
  specs:
    hash_delegator (0.1.0)

GEM
  remote: https://rubygems.org/
  specs:
    diff-lcs (1.4.4)
    erubi (1.10.0)
    nio4r (2.5.5)
    pg (1.2.3)
    puma (5.2.1)
      nio4r (~> 2.0)
    rack (2.2.3)
    rake (13.0.3)
    roda (3.40.0)
      rack
    rspec (3.10.0)
      rspec-core (~> 3.10.0)
      rspec-expectations (~> 3.10.0)
      rspec-mocks (~> 3.10.0)
    rspec-core (3.10.1)
      rspec-support (~> 3.10.0)
    rspec-expectations (3.10.1)
      diff-lcs (>= 1.2.0, < 2.0)
      rspec-support (~> 3.10.0)
    rspec-mocks (3.10.2)
      diff-lcs (>= 1.2.0, < 2.0)
      rspec-support (~> 3.10.0)
    rspec-support (3.10.2)
    sequel (5.41.0)
    tilt (2.0.10)

PLATFORMS
  ruby

DEPENDENCIES
  erubi
  hash_delegator!
  pg
  puma
  rake
  roda
  rspec
  sequel
  tilt

BUNDLED WITH
   2.1.4
