GIT
  remote: https://github.com/delonnewman/hash_delegator.git
  revision: 59d82ad11ed357ddd166072208cad75b06a98656
  specs:
    hash_delegator (0.1.0)

GEM
  remote: https://rubygems.org/
  specs:
    bcrypt (3.1.16)
    diff-lcs (1.4.4)
    erubi (1.10.0)
    nio4r (2.5.5)
    pg (1.2.3)
    puma (5.2.1)
      nio4r (~> 2.0)
    rack (2.2.3)
    rake (13.0.3)
    roda (3.40.0)
      rack
    rspec (3.10.0)
      rspec-core (~> 3.10.0)
      rspec-expectations (~> 3.10.0)
      rspec-mocks (~> 3.10.0)
    rspec-core (3.10.1)
      rspec-support (~> 3.10.0)
    rspec-expectations (3.10.1)
      diff-lcs (>= 1.2.0, < 2.0)
      rspec-support (~> 3.10.0)
    rspec-mocks (3.10.2)
      diff-lcs (>= 1.2.0, < 2.0)
      rspec-support (~> 3.10.0)
    rspec-support (3.10.2)
    sequel (5.41.0)
    sequel_pg (1.14.0)
      pg (>= 0.18.0, != 1.2.0)
      sequel (>= 4.38.0)
    shotgun (0.9.2)
      rack (>= 1.0)
    sqlite3 (1.4.2)
    tilt (2.0.10)

PLATFORMS
  ruby

DEPENDENCIES
  bcrypt
  erubi
  hash_delegator!
  pg
  puma
  rake
  roda
  rspec
  sequel
  sequel_pg
  shotgun
  sqlite3
  tilt

RUBY VERSION
   ruby 2.7.2p137

BUNDLED WITH
   2.1.4
