GIT
  remote: https://github.com/delonnewman/hash_delegator.git
  revision: b0661844c851c979966b90b849d75519c72f14fe
  specs:
    hash_delegator (0.1.0)

GEM
  remote: https://rubygems.org/
  specs:
    bcrypt (3.1.16)
    diff-lcs (1.4.4)
    erubi (1.10.0)
    inflection (1.0.0)
    nio4r (2.5.7)
    pg (1.2.3)
    puma (5.3.1)
      nio4r (~> 2.0)
    rack (2.2.3)
    rake (13.0.3)
    roda (3.40.0)
      rack
    rspec (3.10.0)
      rspec-core (~> 3.10.0)
      rspec-expectations (~> 3.10.0)
      rspec-mocks (~> 3.10.0)
    rspec-core (3.10.1)
      rspec-support (~> 3.10.0)
    rspec-expectations (3.10.1)
      diff-lcs (>= 1.2.0, < 2.0)
      rspec-support (~> 3.10.0)
    rspec-mocks (3.10.2)
      diff-lcs (>= 1.2.0, < 2.0)
      rspec-support (~> 3.10.0)
    rspec-support (3.10.2)
    sequel (5.41.0)
    shotgun (0.9.2)
      rack (>= 1.0)
    tilt (2.0.10)
    yard (0.9.26)

PLATFORMS
  ruby

DEPENDENCIES
  bcrypt
  erubi
  hash_delegator!
  inflection
  pg
  puma
  rake
  roda
  rspec
  sequel
  shotgun
  tilt
  yard

RUBY VERSION
   ruby 2.7.2p137

BUNDLED WITH
   2.1.4
